GEM
  remote: https://rubygems.org/
  specs:
    bosh-template (2.3.0)
      semi_semantic (~> 1.2.0)
    diff-lcs (1.5.0)
    rspec (3.11.0)
      rspec-core (~> 3.11.0)
      rspec-expectations (~> 3.11.0)
      rspec-mocks (~> 3.11.0)
    rspec-core (3.11.0)
      rspec-support (~> 3.11.0)
    rspec-expectations (3.11.1)
      diff-lcs (>= 1.2.0, < 2.0)
      rspec-support (~> 3.11.0)
    rspec-its (1.3.0)
      rspec-core (>= 3.0.0)
      rspec-expectations (>= 3.0.0)
    rspec-mocks (3.11.1)
      diff-lcs (>= 1.2.0, < 2.0)
      rspec-support (~> 3.11.0)
    rspec-support (3.11.1)
    semi_semantic (1.2.0)
    yaml (0.2.0)

PLATFORMS
  ruby
  x86_64-darwin-21

DEPENDENCIES
  bosh-template
  rspec
  rspec-its
  yaml (~> 0.2.0)

RUBY VERSION
   ruby 3.1.2p20

BUNDLED WITH
   2.1.4
